PATH
  remote: ..
  specs:
    openfeature-sdk (0.1.0)

GEM
  remote: https://rubygems.org/
  specs:
    concurrent-ruby (1.2.2)
    cowsay (0.3.0)
    mustermann (3.0.0)
      ruby2_keywords (~> 0.0.1)
    nio4r (2.5.9)
    puma (6.3.1)
      nio4r (~> 2.0)
    rack (2.2.8)
    rack-protection (3.1.0)
      rack (~> 2.2, >= 2.2.4)
    ruby2_keywords (0.0.5)
    sinatra (3.1.0)
      mustermann (~> 3.0)
      rack (~> 2.2, >= 2.2.4)
      rack-protection (= 3.1.0)
      tilt (~> 2.0)
    tilt (2.2.0)

PLATFORMS
  arm64-darwin-22

DEPENDENCIES
  concurrent-ruby
  cowsay
  openfeature-sdk!
  puma
  sinatra

BUNDLED WITH
   2.4.19
